GEM
  remote: https://rubygems.org/
  specs:
    bigdecimal (1.2.7)
    diff-lcs (1.2.5)
    io-console (0.4.3)
    json (1.8.3)
    mini_portile (0.6.2)
    minitest (5.8.1)
    pg (0.18.3)
    pg (0.18.3-x86-mingw32)
    power_assert (0.2.4)
    rack (1.6.0)
    rack-protection (1.5.1)
      rack
    rack-test (0.6.3)
      rack (>= 1.0)
    rake (10.4.2)
    rdoc (4.2.0)
      json (~> 1.4)
    rspec (2.14.1)
      rspec-core (~> 2.14.0)
      rspec-expectations (~> 2.14.0)
      rspec-mocks (~> 2.14.0)
    rspec-core (2.14.8)
    rspec-expectations (2.14.5)
      diff-lcs (>= 1.1.3, < 2.0)
    rspec-mocks (2.14.6)
    rspec-support (3.3.0)
    sinatra (1.4.4)
      rack (~> 1.4)
      rack-protection (~> 1.4)
      tilt (~> 1.3, >= 1.3.4)
    test-unit (3.1.5)
      power_assert
    tilt (1.4.1)

PLATFORMS
  ruby
  x86-mingw32

DEPENDENCIES
  bigdecimal
  bundler
  diff-lcs
  io-console
  mini_portile
  minitest
  pg
  rack-protection
  rack-test
  rake
  rdoc
  rspec
  rspec-core
  rspec-expectations
  rspec-mocks
  rspec-support
  sinatra
  test-unit
  tilt

BUNDLED WITH
   1.10.6
